GEM
  remote: https://rubygems.org/
  specs:
    addressable (2.4.0)
    byebug (9.0.5)
    coderay (1.1.1)
    colorator (1.1.0)
    concurrent-ruby (1.0.2)
    dotenv (2.1.1)
    execjs (2.7.0)
    extras (0.1.0)
      forwardable-extended (~> 2.5)
    fastimage (2.0.0)
      addressable (~> 2)
    ffi (1.9.14)
    foreman (0.82.0)
      thor (~> 0.19.1)
    forwardable-extended (2.6.0)
    jekyll (3.2.1)
      colorator (~> 1.0)
      jekyll-sass-converter (~> 1.0)
      jekyll-watch (~> 1.1)
      kramdown (~> 1.3)
      liquid (~> 3.0)
      mercenary (~> 0.3.3)
      pathutil (~> 0.9)
      rouge (~> 1.7)
      safe_yaml (~> 1.0)
    jekyll-assets (2.2.8)
      extras (~> 0.1)
      fastimage (~> 2.0, >= 1.8)
      jekyll (~> 3.1, >= 3.0)
      pathutil (>= 0.8)
      rack (> 1, < 2)
      sprockets (~> 3.3, < 3.7)
    jekyll-sass-converter (1.4.0)
      sass (~> 3.4)
    jekyll-watch (1.5.0)
      listen (~> 3.0, < 3.1)
    kramdown (1.11.1)
    liquid (3.0.6)
    listen (3.0.8)
      rb-fsevent (~> 0.9, >= 0.9.4)
      rb-inotify (~> 0.9, >= 0.9.7)
    mercenary (0.3.6)
    method_source (0.8.2)
    pathutil (0.14.0)
      forwardable-extended (~> 2.6)
    pry (0.10.4)
      coderay (~> 1.1.0)
      method_source (~> 0.8.1)
      slop (~> 3.4)
    pry-byebug (3.4.0)
      byebug (~> 9.0)
      pry (~> 0.10)
    puma (3.6.0)
    rack (1.6.4)
    rack-protection (1.5.3)
      rack
    rake (11.2.2)
    rb-fsevent (0.9.7)
    rb-inotify (0.9.7)
      ffi (>= 0.5.0)
    redcarpet (3.3.4)
    rouge (1.11.1)
    safe_yaml (1.0.4)
    sass (3.4.22)
    sinatra (1.4.7)
      rack (~> 1.5)
      rack-protection (~> 1.4)
      tilt (>= 1.3, < 3)
    slop (3.6.0)
    sprockets (3.6.3)
      concurrent-ruby (~> 1.0)
      rack (> 1, < 3)
    thor (0.19.1)
    tilt (2.0.5)
    uglifier (3.0.1)
      execjs (>= 0.3.0, < 3)

PLATFORMS
  ruby

DEPENDENCIES
  dotenv
  foreman
  jekyll
  jekyll-assets
  pry-byebug
  puma
  rake
  redcarpet
  sinatra
  uglifier

BUNDLED WITH
   1.10.6
